GEM
  remote: https://rubygems.org/
  specs:
    pg (0.19.0)
    rack (1.6.5)
    rack-protection (1.5.3)
      rack
    sinatra (1.4.7)
      rack (~> 1.5)
      rack-protection (~> 1.4)
      tilt (>= 1.3, < 3)
    thor (0.19.1)
    tilt (2.0.5)

PLATFORMS
  ruby

DEPENDENCIES
  pg
  sinatra
  thor

RUBY VERSION
   ruby 2.3.0p0

BUNDLED WITH
   1.12.5
